PATH
  remote: .
  specs:
    patter (1.0.9)
      docopt (~> 0.6.1)

GEM
  remote: https://rubygems.org/
  specs:
    diff-lcs (1.3)
    docopt (0.6.1)
    rake (12.3.2)
    rspec (3.8.0)
      rspec-core (~> 3.8.0)
      rspec-expectations (~> 3.8.0)
      rspec-mocks (~> 3.8.0)
    rspec-core (3.8.2)
      rspec-support (~> 3.8.0)
    rspec-expectations (3.8.4)
      diff-lcs (>= 1.2.0, < 2.0)
      rspec-support (~> 3.8.0)
    rspec-mocks (3.8.1)
      diff-lcs (>= 1.2.0, < 2.0)
      rspec-support (~> 3.8.0)
    rspec-support (3.8.2)

PLATFORMS
  ruby

DEPENDENCIES
  patter!
  rake (~> 12.3)
  rspec (~> 3.8)

BUNDLED WITH
   2.0.2
